GEM
  remote: http://rubygems.org/
  specs:
    pg (0.11.0)
    rack (1.3.3)
    sequel (3.24.1)
    sinatra (1.2.6)
      rack (~> 1.1)
      tilt (< 2.0, >= 1.2.2)
    tilt (1.3.3)

PLATFORMS
  ruby

DEPENDENCIES
  pg
  sequel
  sinatra
